PATH
  remote: .
  specs:
    rb_colors (0.1.0)

GEM
  remote: https://rubygems.org/
  specs:
    codecov (0.1.16)
      json
      simplecov
      url
    docile (1.3.2)
    json (2.3.0)
    minitest (5.14.0)
    rake (13.0.1)
    simplecov (0.18.5)
      docile (~> 1.1)
      simplecov-html (~> 0.11)
    simplecov-html (0.12.2)
    url (0.3.2)

PLATFORMS
  ruby

DEPENDENCIES
  bundler (>= 2.0.1)
  codecov
  minitest
  rake (~> 13.0)
  rb_colors!

BUNDLED WITH
   2.1.4
