PATH
  remote: .
  specs:
    rb_colors (0.1.0)

GEM
  remote: https://rubygems.org/
  specs:
    codecov (0.1.1)
      json
      simplecov
      url
    docile (1.1.5)
    json (1.8.3)
    minitest (5.8.1)
    rake (13.0.1)
    simplecov (0.10.0)
      docile (~> 1.1.0)
      json (~> 1.8)
      simplecov-html (~> 0.10.0)
    simplecov-html (0.10.0)
    url (0.3.2)

PLATFORMS
  ruby

DEPENDENCIES
  bundler (~> 1.10)
  codecov
  minitest
  rake (~> 13.0)
  rb_colors!

BUNDLED WITH
   1.10.6
